GEM
  remote: https://rubygems.org/
  specs:
    dotenv (2.0.0)
    echelon (1.0.6)
      json_pure (= 1.8.1)
      nokogiri (~> 1.5)
      zip (= 2.0.2)
    json_pure (1.8.1)
    mini_portile (0.6.2)
    multi_json (1.11.0)
    nokogiri (1.6.6.2)
      mini_portile (~> 0.6.0)
    rollbar (1.4.4)
      multi_json (~> 1.3)
    zip (2.0.2)

PLATFORMS
  ruby

DEPENDENCIES
  dotenv
  echelon
  rollbar (~> 1.4.4)
